PATH
  remote: .
  specs:
    kumogata-template (0.0.6)
      aws-sdk (~> 2.3)
      kumogata (= 0.5.10)

GEM
  remote: https://rubygems.org/
  specs:
    aws-sdk (2.5.6)
      aws-sdk-resources (= 2.5.6)
    aws-sdk-core (2.5.6)
      jmespath (~> 1.0)
    aws-sdk-resources (2.5.6)
      aws-sdk-core (= 2.5.6)
    aws-sdk-v1 (1.66.0)
      json (~> 1.4)
      nokogiri (>= 1.4.4)
    coderay (1.1.1)
    coffee-script (2.4.1)
      coffee-script-source
      execjs
    coffee-script-source (1.10.0)
    diffy (3.1.0)
    dslh (0.2.7)
    execjs (2.7.0)
    hashie (3.4.4)
    highline (1.7.8)
    jmespath (1.3.1)
    json (1.8.3)
    json5 (0.0.1)
    kumogata (0.5.10)
      aws-sdk-v1
      coderay
      coffee-script
      diffy
      dslh (>= 0.2.7, < 0.3)
      hashie
      highline
      json
      json5
      net-ssh
      retryable (~> 2.0.0)
      term-ansicolor
      therubyracer
      uuidtools
    libv8 (3.16.14.15)
    mini_portile2 (2.1.0)
    minitest (5.9.0)
    net-ssh (3.2.0)
    nokogiri (1.6.8)
      mini_portile2 (~> 2.1.0)
      pkg-config (~> 1.1.7)
    pkg-config (1.1.7)
    rake (11.1.2)
    ref (2.0.0)
    retryable (2.0.4)
    term-ansicolor (1.3.2)
      tins (~> 1.0)
    therubyracer (0.12.2)
      libv8 (~> 3.16.14.0)
      ref
    tins (1.12.0)
    uuidtools (2.1.5)

PLATFORMS
  ruby

DEPENDENCIES
  bundler (~> 1.11)
  kumogata-template!
  minitest (~> 5.8)
  rake (~> 11.1)

BUNDLED WITH
   1.12.5
