PATH
  remote: .
  specs:
    kumogata-template (0.0.1)
      aws-sdk (~> 2)
      kumogata (= 0.5.8)

GEM
  remote: https://rubygems.org/
  specs:
    aws-sdk (2.2.27)
      aws-sdk-resources (= 2.2.27)
    aws-sdk-core (2.2.27)
      jmespath (~> 1.0)
    aws-sdk-resources (2.2.27)
      aws-sdk-core (= 2.2.27)
    aws-sdk-v1 (1.66.0)
      json (~> 1.4)
      nokogiri (>= 1.4.4)
    coderay (1.1.1)
    coffee-script (2.4.1)
      coffee-script-source
      execjs
    coffee-script-source (1.10.0)
    diffy (3.1.0)
    dslh (0.2.7)
    execjs (2.6.0)
    hashie (3.4.3)
    highline (1.7.8)
    jmespath (1.1.3)
    json (1.8.3)
    json5 (0.0.1)
    kumogata (0.5.8)
      aws-sdk-v1
      coderay
      coffee-script
      diffy
      dslh (>= 0.2.7)
      hashie
      highline
      json
      json5
      net-ssh
      retryable (~> 2.0.0)
      term-ansicolor
      therubyracer
      uuidtools
    libv8 (3.16.14.15)
    mini_portile2 (2.0.0)
    minitest (5.8.4)
    net-ssh (3.0.2)
    nokogiri (1.6.7.2)
      mini_portile2 (~> 2.0.0.rc2)
    rake (11.1.1)
    ref (2.0.0)
    retryable (2.0.3)
    term-ansicolor (1.3.2)
      tins (~> 1.0)
    therubyracer (0.12.2)
      libv8 (~> 3.16.14.0)
      ref
    tins (1.9.0)
    uuidtools (2.1.5)

PLATFORMS
  ruby

DEPENDENCIES
  bundler (~> 1.11)
  kumogata-template!
  minitest (~> 5.8)
  rake (~> 11.1)

BUNDLED WITH
   1.12.4
