PATH
  remote: .
  specs:
    kumogata-template (0.0.27)
      aws-sdk (~> 2.3)
      kumogata2-plugin-ruby (= 0.1.3)

GEM
  remote: https://rubygems.org/
  specs:
    aws-sdk (2.9.25)
      aws-sdk-resources (= 2.9.25)
    aws-sdk-core (2.9.25)
      aws-sigv4 (~> 1.0)
      jmespath (~> 1.0)
    aws-sdk-resources (2.9.25)
      aws-sdk-core (= 2.9.25)
    aws-sdk-v1 (1.67.0)
      json (~> 1.4)
      nokogiri (~> 1)
    aws-sigv4 (1.0.0)
    coderay (1.1.1)
    diffy (3.2.0)
    dslh (0.4.8)
    hashie (3.5.5)
    highline (1.7.8)
    jmespath (1.3.1)
    kumogata2 (0.1.9)
      aws-sdk (>= 2.3.0)
      coderay
      diffy
      hashie
      highline
      term-ansicolor
      therubyracer (= 0.12.2)
      uuidtools
    libv8 (3.16.14.19)
    mini_portile2 (2.0.0)
    minitest (5.10.2)
    net-ssh (4.1.0)
    nokogiri (1.6.7.2)
      mini_portile2 (~> 2.0.0.rc2)
    rake (11.3.0)
    ref (2.0.0)
    retryable (2.0.4)
    term-ansicolor (1.6.0)
      tins (~> 1.0)
    therubyracer (0.12.2)
      libv8 (~> 3.16.14.0)
      ref
    tins (1.14.0)
    uuidtools (2.1.5)

PLATFORMS
  ruby

DEPENDENCIES
  bundler
  kumogata-template!
  minitest
  rake

BUNDLED WITH
   1.14.6
